GIT
  remote: https://github.com/richpeck/sinatra-asset-pipeline.git
  revision: da80bb6c3129243f16d093d08416f066ed0495a2
  specs:
    sinatra-asset-pipeline (2.2.1)
      coffee-script (~> 2.4)
      rake
      sass (~> 3.5)
      sprockets (~> 3.7)
      sprockets-helpers (~> 1.2)

GEM
  remote: https://rubygems.org/
  remote: https://rails-assets.org/
  specs:
    activemodel (6.0.3.4)
      activesupport (= 6.0.3.4)
    activerecord (6.0.3.4)
      activemodel (= 6.0.3.4)
      activesupport (= 6.0.3.4)
    activesupport (6.0.3.4)
      concurrent-ruby (~> 1.0, >= 1.0.2)
      i18n (>= 0.7, < 2)
      minitest (~> 5.1)
      tzinfo (~> 1.1)
      zeitwerk (~> 2.2, >= 2.2.2)
    addressable (2.7.0)
      public_suffix (>= 2.0.2, < 5.0)
    aes_key_wrap (1.1.0)
    attr_required (1.0.1)
    bcrypt (3.1.16)
    bindata (2.4.8)
    byebug (11.1.3)
    coffee-script (2.4.1)
      coffee-script-source
      execjs
    coffee-script-source (1.12.2)
    concurrent-ruby (1.1.7)
    dotenv (2.7.6)
    execjs (2.7.0)
    ffi (1.13.1-x64-mingw32)
    foreman (0.87.2)
    haml (5.2.0)
      temple (>= 0.8.0)
      tilt
    htmlcompressor (0.4.0)
    httparty (0.18.1)
      mime-types (~> 3.0)
      multi_xml (>= 0.5.2)
    httpclient (2.8.3)
    humanize (2.4.3)
    i18n (1.8.5)
      concurrent-ruby (~> 1.0)
    json-jwt (1.13.0)
      activesupport (>= 4.2)
      aes_key_wrap
      bindata
    mail (2.7.1)
      mini_mime (>= 0.1.1)
    mime-types (3.3.1)
      mime-types-data (~> 3.2015)
    mime-types-data (3.2020.0512)
    mini_mime (1.0.2)
    minitest (5.14.2)
    multi_json (1.15.0)
    multi_xml (0.6.0)
    mustermann (1.1.1)
      ruby2_keywords (~> 0.0.1)
    nio4r (2.5.4)
    nokogiri (1.11.0.rc3-x64-mingw32)
    padrino-helpers (0.15.0)
      i18n (>= 0.6.7, < 2)
      padrino-support (= 0.15.0)
      tilt (>= 1.4.1, < 3)
    padrino-support (0.15.0)
    pg (1.2.3-x64-mingw32)
    pony (1.13.1)
      mail (>= 2.0)
    public_suffix (4.0.6)
    puma (5.0.2)
      nio4r (~> 2.0)
    rack (2.2.3)
    rack-attack (6.3.1)
      rack (>= 1.0, < 3)
    rack-flash3 (1.0.5)
      rack
    rack-oauth2 (1.16.0)
      activesupport
      attr_required
      httpclient
      json-jwt (>= 1.11.0)
      rack (>= 2.1.0)
    rack-protection (2.1.0)
      rack
    rails-assets-bootstrap (4.3.1)
    rails-assets-jquery (3.4.1)
    rails-assets-jquery-ujs (1.2.2)
      rails-assets-jquery (> 1.8)
    rails-assets-parsleyjs (2.9.0)
      rails-assets-jquery (> 1.8)
    rake (13.0.1)
    rb-fsevent (0.10.4)
    rb-inotify (0.10.1)
      ffi (~> 1.0)
    require_all (3.0.0)
    ruby2_keywords (0.0.2)
    sass (3.7.4)
      sass-listen (~> 4.0.0)
    sass-listen (4.0.0)
      rb-fsevent (~> 0.9, >= 0.9.4)
      rb-inotify (~> 0.9, >= 0.9.7)
    sinatra (2.1.0)
      mustermann (~> 1.0)
      rack (~> 2.2)
      rack-protection (= 2.1.0)
      tilt (~> 2.0)
    sinatra-activerecord (2.0.19)
      activerecord (>= 4.1)
      sinatra (>= 1.0)
    sinatra-contrib (2.1.0)
      multi_json
      mustermann (~> 1.0)
      rack-protection (= 2.1.0)
      sinatra (= 2.1.0)
      tilt (~> 2.0)
    sinatra-cors (1.2.0)
    sinatra-redirect-with-flash (0.2.1)
      sinatra (>= 1.0.0)
    sinatra-support (1.2.2)
      sinatra (>= 1.0)
    sprockets (3.7.2)
      concurrent-ruby (~> 1.0)
      rack (> 1, < 3)
    sprockets-helpers (1.4.0)
      sprockets (>= 2.2)
    sqlite3 (1.4.2)
    temple (0.8.2)
    thread_safe (0.3.6)
    tilt (2.0.10)
    titleize (1.4.1)
    tzinfo (1.2.7)
      thread_safe (~> 0.1)
    uglifier (4.2.0)
      execjs (>= 0.3.0, < 3)
    warden (1.2.9)
      rack (>= 2.0.9)
    zeitwerk (2.4.0)

PLATFORMS
  x64-mingw32

DEPENDENCIES
  activerecord (~> 6.0, >= 6.0.3.3)
  addressable (~> 2.7)
  bcrypt (~> 3.1, >= 3.1.16)
  byebug
  dotenv
  foreman
  haml (~> 5.1, >= 5.1.2)
  htmlcompressor (~> 0.4.0)
  httparty (~> 0.18.1)
  humanize (~> 2.4, >= 2.4.3)
  i18n
  nokogiri (~> 1.11.0.rc3)
  padrino-helpers (~> 0.15.0)
  pg
  pony (~> 1.13, >= 1.13.1)
  puma
  rack-attack (~> 6.3, >= 6.3.1)
  rack-flash3
  rack-oauth2 (~> 1.16)
  rails-assets-bootstrap!
  rails-assets-jquery!
  rails-assets-jquery-ujs!
  rails-assets-parsleyjs!
  rake (~> 13.0, >= 13.0.1)
  require_all (~> 3.0)
  sass (~> 3.7, >= 3.7.4)
  sinatra (~> 2.1)
  sinatra-activerecord (~> 2.0, >= 2.0.18)
  sinatra-asset-pipeline (~> 2.2, >= 2.2.1)!
  sinatra-contrib (~> 2.1)
  sinatra-cors (~> 1.2)
  sinatra-redirect-with-flash (~> 0.2.1)
  sinatra-support (~> 1.2, >= 1.2.2)
  sqlite3
  titleize (~> 1.4, >= 1.4.1)
  uglifier (~> 4.2)
  warden (~> 1.2, >= 1.2.9)

RUBY VERSION
   ruby 2.7.2p137

BUNDLED WITH
   2.1.4
